PATH
  remote: .
  specs:
    rosette-extractor-haml (1.0.0)

PATH
  remote: ~/workspace/haml
  specs:
    haml (4.1.0.beta.1)
      tilt

PATH
  remote: ~/workspace/rosette-core
  specs:
    rosette-core (1.0.0)
      jbundler
      progress-reporters (~> 1.0.0)

PATH
  remote: ~/workspace/rosette-extractor-rb
  specs:
    rosette-extractor-rb (1.0.0)
      jruby-parser (~> 0.5.0)

GEM
  remote: https://rubygems.org/
  specs:
    axiom-types (0.1.1)
      descendants_tracker (~> 0.0.4)
      ice_nine (~> 0.11.0)
      thread_safe (~> 0.3, >= 0.3.1)
    coderay (1.1.0)
    coercible (1.0.0)
      descendants_tracker (~> 0.0.1)
    descendants_tracker (0.0.4)
      thread_safe (~> 0.3, >= 0.3.1)
    diff-lcs (1.2.5)
    equalizer (0.0.9)
    ffi (1.9.3-java)
    ice_nine (0.11.0)
    jar-dependencies (0.0.9)
    jbundler (0.6.3)
      bundler (~> 1.5)
      jar-dependencies (~> 0.0.6)
      ruby-maven (>= 3.1.1.0.6, < 3.1.2)
    jruby-parser (0.5.4)
    maven-tools (1.0.4)
      virtus (~> 1.0)
    method_source (0.8.2)
    progress-reporters (1.0.0)
    pry (0.10.1)
      coderay (~> 1.1.0)
      method_source (~> 0.8.1)
      slop (~> 3.4)
    pry (0.10.1-java)
      coderay (~> 1.1.0)
      method_source (~> 0.8.1)
      slop (~> 3.4)
      spoon (~> 0.0)
    pry-nav (0.2.4)
      pry (>= 0.9.10, < 0.11.0)
    rake (10.3.2)
    rr (1.1.2)
    rspec (3.1.0)
      rspec-core (~> 3.1.0)
      rspec-expectations (~> 3.1.0)
      rspec-mocks (~> 3.1.0)
    rspec-core (3.1.3)
      rspec-support (~> 3.1.0)
    rspec-expectations (3.1.1)
      diff-lcs (>= 1.2.0, < 2.0)
      rspec-support (~> 3.1.0)
    rspec-mocks (3.1.0)
      rspec-support (~> 3.1.0)
    rspec-support (3.1.0)
    ruby-maven (3.1.1.0.8)
      maven-tools (~> 1.0.1)
      ruby-maven-libs (= 3.1.1)
    ruby-maven-libs (3.1.1)
    slop (3.6.0)
    spoon (0.0.4)
      ffi
    thread_safe (0.3.4)
    thread_safe (0.3.4-java)
    tilt (2.0.1)
    virtus (1.0.3)
      axiom-types (~> 0.1)
      coercible (~> 1.0)
      descendants_tracker (~> 0.0, >= 0.0.3)
      equalizer (~> 0.0, >= 0.0.9)

PLATFORMS
  java
  ruby

DEPENDENCIES
  haml!
  pry-nav
  rake
  rosette-core!
  rosette-extractor-haml!
  rosette-extractor-rb!
  rr
  rspec
